PATH
  remote: .
  specs:
    ree_lib (0.1.0)
      i18n
      loofah
      oj
      ree
      sequel
      tzinfo

GEM
  remote: https://rubygems.org/
  specs:
    bootsnap (1.12.0)
      msgpack (~> 1.2)
    commander (4.6.0)
      highline (~> 2.0.0)
    concurrent-ruby (1.1.10)
    crass (1.0.6)
    diff-lcs (1.5.0)
    highline (2.0.3)
    i18n (1.10.0)
      concurrent-ruby (~> 1.0)
    loofah (2.18.0)
      crass (~> 1.0.2)
      nokogiri (>= 1.5.9)
    msgpack (1.5.3)
    nokogiri (1.13.6-x86_64-linux)
      racc (~> 1.4)
    oj (3.13.14)
    pg (1.4.1)
    racc (1.6.0)
    rake (13.0.6)
    ree (0.1.0)
      commander (~> 4.6.0)
    rspec (3.11.0)
      rspec-core (~> 3.11.0)
      rspec-expectations (~> 3.11.0)
      rspec-mocks (~> 3.11.0)
    rspec-core (3.11.0)
      rspec-support (~> 3.11.0)
    rspec-expectations (3.11.0)
      diff-lcs (>= 1.2.0, < 2.0)
      rspec-support (~> 3.11.0)
    rspec-mocks (3.11.1)
      diff-lcs (>= 1.2.0, < 2.0)
      rspec-support (~> 3.11.0)
    rspec-support (3.11.0)
    sequel (5.57.0)
    sqlite3 (1.4.4)
    tzinfo (2.0.4)
      concurrent-ruby (~> 1.0)

PLATFORMS
  x86_64-linux

DEPENDENCIES
  bootsnap
  pg
  rake (~> 13.0)
  ree_lib!
  rspec (~> 3.0)
  sqlite3

BUNDLED WITH
   2.3.7
