GEM
  remote: https://rubygems.org/
  specs:
    commander (4.6.0)
      highline (~> 2.0.0)
    diff-lcs (1.5.0)
    highline (2.0.3)
    ree (0.1.0)
      commander (~> 4.6.0)
    rspec (3.11.0)
      rspec-core (~> 3.11.0)
      rspec-expectations (~> 3.11.0)
      rspec-mocks (~> 3.11.0)
    rspec-core (3.11.0)
      rspec-support (~> 3.11.0)
    rspec-expectations (3.11.0)
      diff-lcs (>= 1.2.0, < 2.0)
      rspec-support (~> 3.11.0)
    rspec-mocks (3.11.1)
      diff-lcs (>= 1.2.0, < 2.0)
      rspec-support (~> 3.11.0)
    rspec-support (3.11.0)

PLATFORMS
  x86_64-darwin-19

DEPENDENCIES
  ree
  rspec

BUNDLED WITH
   2.3.7
