PATH
  remote: .
  specs:
    ruby-lsp-ree (0.1.1)

GEM
  remote: https://rubygems.org/
  specs:
    diff-lcs (1.6.0)
    rake (13.2.1)
    rspec (3.13.0)
      rspec-core (~> 3.13.0)
      rspec-expectations (~> 3.13.0)
      rspec-mocks (~> 3.13.0)
    rspec-core (3.13.3)
      rspec-support (~> 3.13.0)
    rspec-expectations (3.13.3)
      diff-lcs (>= 1.2.0, < 2.0)
      rspec-support (~> 3.13.0)
    rspec-mocks (3.13.2)
      diff-lcs (>= 1.2.0, < 2.0)
      rspec-support (~> 3.13.0)
    rspec-support (3.13.2)

PLATFORMS
  x86_64-darwin-23
  x86_64-linux

DEPENDENCIES
  rake (~> 13.0)
  rspec
  ruby-lsp-ree!

BUNDLED WITH
   2.6.3
